{
  "EchoTime": 0.03,
  "EffectiveEchoSpacing": 0.00049999,
  "FlipAngle": 65,
  "ImageType": [
    "ORIGINAL",
    "PRIMARY",
    "M",
    "ND",
    "MOSAIC"
  ],
  "MagneticFieldStrength": 3,
  "Manufacturer": "Siemens",
  "ManufacturersModelName": "Prisma",
  "PhaseEncodingDirection": "j-",
  "RepetitionTime": 1.224,
  "SliceTiming": [
    3.545,
    3.4775,
    3.41,
    3.345,
    3.2775,
    3.21,
    3.1425,
    3.0775,
    3.01,
    2.9425,
    2.875,
    2.81,
    2.7425,
    2.675,
    2.6075,
    2.5425,
    2.475,
    2.4075,
    2.34,
    2.2725,
    2.2075,
    2.14,
    2.0725,
    2.005,
    1.94,
    1.8725,
    1.805,
    1.7375,
    1.6725,
    1.605,
    1.5375,
    1.47,
    1.405,
    1.3375,
    1.27,
    1.2025,
    1.1375,
    1.07,
    1.0025,
    0.935,
    0.87,
    0.8025,
    0.735,
    0.6675,
    0.6025,
    0.535,
    0.4675,
    0.4,
    0.335,
    0.2675,
    0.2,
    0.1325,
    0.0675,
    0
  ]
}
