{
  "EchoTime": 0.03,
  "EffectiveEchoSpacing": 0.00049999,
  "FlipAngle": 65,
  "ImageType": [
    "ORIGINAL",
    "PRIMARY",
    "M",
    "ND",
    "MOSAIC"
  ],
  "MagneticFieldStrength": 3,
  "Manufacturer": "Siemens",
  "ManufacturersModelName": "Prisma",
  "PhaseEncodingDirection": "j-",
  "RepetitionTime": 1.224,
  "SliceTiming": [
    3.545,
    3.4775,
    3.4125,
    3.345,
    3.2775,
    3.21,
    3.145,
    3.0775,
    3.01,
    2.9425,
    2.8775,
    2.81,
    2.7425,
    2.675,
    2.61,
    2.5425,
    2.475,
    2.4075,
    2.3425,
    2.275,
    2.2075,
    2.14,
    2.075,
    2.0075,
    1.94,
    1.8725,
    1.805,
    1.74,
    1.6725,
    1.605,
    1.5375,
    1.4725,
    1.405,
    1.3375,
    1.27,
    1.205,
    1.1375,
    1.07,
    1.0025,
    0.9375,
    0.87,
    0.8025,
    0.735,
    0.67,
    0.6025,
    0.535,
    0.4675,
    0.4025,
    0.335,
    0.2675,
    0.2,
    0.135,
    0.0675,
    0
  ]
}
