{
  "bids_meta": {
    "AcquisitionDateTime": "2019-11-07T15:50:30.017500",
    "AcquisitionMatrixPE": 320,
    "AcquisitionNumber": 1,
    "AcquisitionTime": "15:50:30.017500",
    "BaseResolution": 320,
    "BodyPartExamined": "HEAD",
    "ConsistencyInfo": "N4_VE11C_LATEST_20160120",
    "ConversionSoftware": "dcm2niix",
    "ConversionSoftwareVersion": "v1.0.20171215 GCC5.1.0",
    "DeviceSerialNumber": "66072",
    "DwellTime": 7.4e-06,
    "EchoTime": 0.00228,
    "FlipAngle": 8,
    "ImageOrientationPatientDICOM": [
      0.037643,
      0.983602,
      0.17638,
      0.0209037,
      0.175692,
      -0.984223
    ],
    "ImageType": [
      "ORIGINAL",
      "PRIMARY",
      "M",
      "ND",
      "NORM"
    ],
    "InPlanePhaseEncodingDirectionDICOM": "ROW",
    "InstitutionAddress": "Boulevard_Jean_Moulin_27_Marseille_District_FR_13005",
    "InstitutionName": "Universite_d_aix_Marseille",
    "InstitutionalDepartmentName": "Department",
    "InversionTime": 1.01,
    "MRAcquisitionType": "3D",
    "MagneticFieldStrength": 3,
    "Manufacturer": "Siemens",
    "ManufacturersModelName": "Prisma",
    "Modality": "MR",
    "ParallelReductionFactorInPlane": 2,
    "PartialFourier": 1,
    "PatientPosition": "HFS",
    "PercentPhaseFOV": 100,
    "PhaseEncodingSteps": 319,
    "PhaseResolution": 1,
    "PixelBandwidth": 210,
    "ProcedureStepDescription": "Projets_archives_Aging",
    "ProtocolName": "T1w",
    "PulseSequenceDetails": "%SiemensSeq%_tfl",
    "ReceiveCoilActiveElements": "HC1-7;NC1,2",
    "ReceiveCoilName": "HeadNeck_64",
    "ReconMatrixPE": 320,
    "RepetitionTime": 2.4,
    "SAR": 0.0554459,
    "ScanOptions": "IR_WE",
    "ScanningSequence": "GR_IR",
    "SequenceName": "_tfl3d1_16ns",
    "SequenceVariant": "SK_SP_MP",
    "SeriesDescription": "T1w",
    "SeriesNumber": 23,
    "ShimSetting": [
      -608,
      -10786,
      -652,
      -18,
      83,
      -200,
      75,
      8
    ],
    "SliceThickness": 0.8,
    "SoftwareVersions": "syngo_MR_E11",
    "StationName": "AWP66072",
    "TxRefAmp": 229.525,
    "dataset": "unknown",
    "modality": "T1w",
    "subject_id": "36"
  },
  "cjv": 0.5843384961420554,
  "cnr": 2.319835324236834,
  "efc": 0.6072892264605652,
  "fber": 2067.379150390625,
  "fwhm_avg": 4.233153384651092,
  "fwhm_x": 4.2382852800346065,
  "fwhm_y": 4.2996749359298505,
  "fwhm_z": 4.161499937988819,
  "icvs_csf": 0.2034561073579361,
  "icvs_gm": 0.39221982629833585,
  "icvs_wm": 0.40432406634372803,
  "inu_med": 1.1196913719177246,
  "inu_range": 0.5139780282974242,
  "provenance": {
    "md5sum": "280b8438d0ac2a657612631629b05c4f",
    "settings": {
      "testing": false
    },
    "software": "mriqc",
    "version": "0.14.2",
    "warnings": {
      "large_rot_frame": true,
      "small_air_mask": false
    },
    "webapi_port": null,
    "webapi_url": "https://mriqc.nimh.nih.gov/api/v1"
  },
  "qi_1": 0.0,
  "qi_2": 0.010853284924478608,
  "rpve_csf": 35.84799525191242,
  "rpve_gm": 18.121410253900514,
  "rpve_wm": 20.41337888818156,
  "size_x": 256,
  "size_y": 320,
  "size_z": 320,
  "snr_csf": 3.360608394940744,
  "snr_gm": 11.988238030950933,
  "snr_total": 10.500313867247305,
  "snr_wm": 16.152095175850235,
  "snrd_csf": 21.642096387489314,
  "snrd_gm": 50.76554433227142,
  "snrd_total": 45.61726846955228,
  "snrd_wm": 64.44416468889611,
  "spacing_x": 0.8000051379203796,
  "spacing_y": 0.800000011920929,
  "spacing_z": 0.800000011920929,
  "summary_bg_k": 1984.7044125604732,
  "summary_bg_mad": 10.166061401367188,
  "summary_bg_mean": 17.42660903930664,
  "summary_bg_median": 14.935489654541016,
  "summary_bg_n": 3259752.0,
  "summary_bg_p05": 2.810305345058442,
  "summary_bg_p95": 40.04644603729244,
  "summary_bg_stdv": 14.859922409057617,
  "summary_csf_k": 1.380695189121318,
  "summary_csf_mad": 81.77346801757812,
  "summary_csf_mean": 357.18719482421875,
  "summary_csf_median": 335.8306579589844,
  "summary_csf_n": 57271.0,
  "summary_csf_p05": 231.38558197021484,
  "summary_csf_p95": 556.6247863769531,
  "summary_csf_stdv": 99.93063354492188,
  "summary_gm_k": 0.31596299341290157,
  "summary_gm_mad": 62.89802551269531,
  "summary_gm_mean": 791.0982055664062,
  "summary_gm_median": 787.7529907226562,
  "summary_gm_n": 38349.0,
  "summary_gm_p05": 689.1473022460938,
  "summary_gm_p95": 907.7677612304688,
  "summary_gm_stdv": 65.70963287353516,
  "summary_wm_k": 0.16832320880645302,
  "summary_wm_mad": 61.13227844238281,
  "summary_wm_mean": 1004.8982543945312,
  "summary_wm_median": 1000.0106201171875,
  "summary_wm_n": 345778.0,
  "summary_wm_p05": 911.9530822753907,
  "summary_wm_p95": 1114.945751953125,
  "summary_wm_stdv": 61.91204071044922,
  "tpm_overlap_csf": 0.22034430503845215,
  "tpm_overlap_gm": 0.44652238488197327,
  "tpm_overlap_wm": 0.5187550187110901,
  "wm2max": 0.6152561261550872
}