{
  "EchoTime": 0.059,
  "EffectiveEchoSpacing": 0.00049999,
  "FlipAngle": 90,
  "ImageType": [
    "ORIGINAL",
    "PRIMARY",
    "M",
    "ND",
    "MOSAIC"
  ],
  "MagneticFieldStrength": 3,
  "Manufacturer": "Siemens",
  "ManufacturersModelName": "Prisma",
  "PhaseEncodingDirection": "j-",
  "RepetitionTime": 7.06,
  "SliceTiming": [
    3.52,
    0,
    3.65,
    0.13,
    3.7825,
    0.2625,
    3.9125,
    0.3925,
    4.0425,
    0.5225,
    4.1725,
    0.6525,
    4.3025,
    0.7825,
    4.4325,
    0.9125,
    4.5625,
    1.0425,
    4.695,
    1.175,
    4.825,
    1.305,
    4.955,
    1.435,
    5.085,
    1.565,
    5.215,
    1.695,
    5.345,
    1.825,
    5.475,
    1.955,
    5.6075,
    2.0875,
    5.7375,
    2.2175,
    5.8675,
    2.3475,
    5.9975,
    2.4775,
    6.1275,
    2.6075,
    6.2575,
    2.7375,
    6.39,
    2.87,
    6.52,
    3,
    6.65,
    3.13,
    6.78,
    3.26,
    6.91,
    3.39
  ],
  "TotalReadoutTime": 0.04199916
}
