{
  "EchoTime": 0.03,
  "EffectiveEchoSpacing": 0.00049999,
  "FlipAngle": 66,
  "ImageType": [
    "ORIGINAL",
    "PRIMARY",
    "M",
    "MB",
    "ND",
    "MOSAI"
  ],
  "MagneticFieldStrength": 3,
  "Manufacturer": "Siemens",
  "ManufacturersModelName": "Prisma",
  "PhaseEncodingDirection": "j-",
  "RepetitionTime": 1.224,
  "SliceTiming": [
    1.135,
    1.07,
    1.0025,
    0.935,
    0.8675,
    0.8025,
    0.735,
    0.6675,
    0.6,
    0.535,
    0.4675,
    0.4,
    0.3325,
    0.2675,
    0.2,
    0.1325,
    0.065,
    0,
    1.135,
    1.07,
    1.0025,
    0.935,
    0.8675,
    0.8025,
    0.735,
    0.6675,
    0.6,
    0.535,
    0.4675,
    0.4,
    0.3325,
    0.2675,
    0.2,
    0.1325,
    0.065,
    0,
    1.135,
    1.07,
    1.0025,
    0.935,
    0.8675,
    0.8025,
    0.735,
    0.6675,
    0.6,
    0.535,
    0.4675,
    0.4,
    0.3325,
    0.2675,
    0.2,
    0.1325,
    0.065,
    0
  ],
  "TaskName": "illusion"
}
