{
  "bids_meta": {
    "AcquisitionDateTime": "2019-11-06T17:14:55.035000",
    "AcquisitionMatrixPE": 320,
    "AcquisitionNumber": 1,
    "AcquisitionTime": "17:14:55.035000",
    "BaseResolution": 320,
    "BodyPartExamined": "HEAD",
    "ConsistencyInfo": "N4_VE11C_LATEST_20160120",
    "ConversionSoftware": "dcm2niix",
    "ConversionSoftwareVersion": "v1.0.20171215 GCC5.1.0",
    "DeviceSerialNumber": "66072",
    "EchoTime": 0.00228,
    "FlipAngle": 8,
    "ImageOrientationPatientDICOM": [
      -0.023295,
      0.963293,
      0.267439,
      -0.086912,
      0.264548,
      -0.960448
    ],
    "ImageType": [
      "ORIGINAL",
      "PRIMARY",
      "M",
      "ND",
      "NORM"
    ],
    "InPlanePhaseEncodingDirectionDICOM": "ROW",
    "InstitutionAddress": "Boulevard_Jean_Moulin_27_Marseille_District_FR_13005",
    "InstitutionName": "Universite_d_aix_Marseille",
    "InversionTime": 1.01,
    "MRAcquisitionType": "3D",
    "MagneticFieldStrength": 3,
    "Manufacturer": "Siemens",
    "ManufacturersModelName": "Prisma",
    "Modality": "MR",
    "ParallelReductionFactorInPlane": 2,
    "PartialFourier": 1,
    "PatientPosition": "HFS",
    "PercentPhaseFOV": 100,
    "PhaseEncodingSteps": 319,
    "PhaseResolution": 1,
    "PixelBandwidth": 210,
    "ProcedureStepDescription": "Projets_archives_Aging",
    "ProtocolName": "T1w",
    "PulseSequenceDetails": "%SiemensSeq%_tfl",
    "ReceiveCoilActiveElements": "HC1-7;NC1,2",
    "ReceiveCoilName": "HeadNeck_64",
    "ReconMatrixPE": 320,
    "RepetitionTime": 2.4,
    "SAR": 0.0444348,
    "ScanOptions": "IR_WE",
    "ScanningSequence": "GR_IR",
    "SequenceName": "_tfl3d1_16ns",
    "SequenceVariant": "SK_SP_MP",
    "SeriesDescription": "T1w",
    "SeriesNumber": 24,
    "ShimSetting": [
      -617,
      -10810,
      -661,
      116,
      83,
      -307,
      112,
      29
    ],
    "SliceThickness": 0.8,
    "SoftwareVersions": "syngo_MR_E11",
    "StationName": "AWP66072",
    "TxRefAmp": 230.177,
    "dataset": "unknown",
    "modality": "T1w",
    "subject_id": "35"
  },
  "cjv": 0.45548109497562556,
  "cnr": 2.891593935017674,
  "efc": 0.6055583427118316,
  "fber": 2506.439453125,
  "fwhm_avg": 4.292277600729632,
  "fwhm_x": 4.291782930116107,
  "fwhm_y": 4.219174937129394,
  "fwhm_z": 4.365874934943394,
  "icvs_csf": 0.15337614274890102,
  "icvs_gm": 0.4140443525489152,
  "icvs_wm": 0.43257950470218376,
  "inu_med": 1.0077674388885498,
  "inu_range": 0.496734717488289,
  "provenance": {
    "md5sum": "51f92c20c6ce7a93430b6c13576706fc",
    "settings": {
      "testing": false
    },
    "software": "mriqc",
    "version": "0.14.2",
    "warnings": {
      "large_rot_frame": true,
      "small_air_mask": false
    },
    "webapi_port": null,
    "webapi_url": "https://mriqc.nimh.nih.gov/api/v1"
  },
  "qi_1": 0.0,
  "qi_2": 0.003025468699253302,
  "rpve_csf": 37.20647495975982,
  "rpve_gm": 15.262875642123918,
  "rpve_wm": 16.97287191238671,
  "size_x": 256,
  "size_y": 320,
  "size_z": 320,
  "snr_csf": 2.887807535655099,
  "snr_gm": 12.026046271950486,
  "snr_total": 11.620956192592104,
  "snr_wm": 19.949014770170724,
  "snrd_csf": 25.606621223875383,
  "snrd_gm": 52.12108721320047,
  "snrd_total": 48.66392671836608,
  "snrd_wm": 68.26407171802238,
  "spacing_x": 0.7999985218048096,
  "spacing_y": 0.800000011920929,
  "spacing_z": 0.800000011920929,
  "summary_bg_k": 333.73912410936293,
  "summary_bg_mad": 9.597308158874512,
  "summary_bg_mean": 16.70600128173828,
  "summary_bg_median": 14.737781524658203,
  "summary_bg_n": 3956878.0,
  "summary_bg_p05": 3.185307276248932,
  "summary_bg_p95": 36.88066940307616,
  "summary_bg_stdv": 12.026525497436523,
  "summary_csf_k": 0.11671789884559658,
  "summary_csf_mad": 137.69912719726562,
  "summary_csf_mean": 400.1708679199219,
  "summary_csf_median": 375.11981201171875,
  "summary_csf_n": 34478.0,
  "summary_csf_p05": 227.74901885986327,
  "summary_csf_p95": 625.7597259521484,
  "summary_csf_stdv": 129.89590454101562,
  "summary_gm_k": 0.6736098603402754,
  "summary_gm_mad": 60.6650276184082,
  "summary_gm_mean": 766.1348876953125,
  "summary_gm_median": 763.5389404296875,
  "summary_gm_n": 49454.0,
  "summary_gm_p05": 667.373745727539,
  "summary_gm_p95": 874.10654296875,
  "summary_gm_stdv": 63.48979568481445,
  "summary_wm_k": 0.5586678046176701,
  "summary_wm_mad": 47.048912048339844,
  "summary_wm_mean": 1004.1519165039062,
  "summary_wm_median": 1000.0228271484375,
  "summary_wm_n": 503764.0,
  "summary_wm_p05": 929.353646850586,
  "summary_wm_p95": 1093.5308715820313,
  "summary_wm_stdv": 50.128883361816406,
  "tpm_overlap_csf": 0.22702284157276154,
  "tpm_overlap_gm": 0.4945136308670044,
  "tpm_overlap_wm": 0.5432616472244263,
  "wm2max": 0.583336785912943
}