{
	"Modality": "MR",
	"MagneticFieldStrength": 3,
	"Manufacturer": "Siemens",
	"ManufacturersModelName": "Prisma",
	"InstitutionName": "Universite_d_aix_Marseille",
	"InstitutionalDepartmentName": "Department",
	"InstitutionAddress": "Boulevard_Jean_Moulin_27_Marseille_District_FR_13005",
	"DeviceSerialNumber": "66072",
	"StationName": "AWP66072",
	"BodyPartExamined": "HEAD",
	"PatientPosition": "HFS",
	"ProcedureStepDescription": "Projets_archives_Aging",
	"SoftwareVersions": "syngo_MR_E11",
	"MRAcquisitionType": "2D",
	"SeriesDescription": "Fieldmap",
	"ProtocolName": "Fieldmap",
	"ScanningSequence": "GR",
	"SequenceVariant": "SP",
	"SequenceName": "_fm2d2r",
	"ImageType": ["ORIGINAL", "PRIMARY", "M", "ND"],
	"SeriesNumber": 7,
	"AcquisitionTime": "13:49:35.265000",
	"AcquisitionNumber": 1,
	"SliceThickness": 2.5,
	"SpacingBetweenSlices": 2.5,
	"SAR": 0.114236,
	"EchoNumber": 2,
	"EchoTime": 0.00738,
	"RepetitionTime": 0.677,
	"FlipAngle": 60,
	"PartialFourier": 1,
	"BaseResolution": 96,
	"ShimSetting": [
		-612,
		-10787,
		-468,
		492,
		-123,
		-66,
		161,
		10	],
	"TxRefAmp": 220.487,
	"PhaseResolution": 1,
	"ReceiveCoilName": "HeadNeck_64",
	"ReceiveCoilActiveElements": "HC1-7;NC1,2",
	"PulseSequenceDetails": "%SiemensSeq%_gre_field_mapping",
	"ConsistencyInfo": "N4_VE11C_LATEST_20160120",
	"PercentPhaseFOV": 100,
	"PhaseEncodingSteps": 96,
	"AcquisitionMatrixPE": 96,
	"ReconMatrixPE": 96,
	"PixelBandwidth": 840,
	"DwellTime": 6.2e-006,
	"PhaseEncodingDirection": "j-",
	"ImageOrientationPatientDICOM": [
		0.988299,
		-0.130448,
		0.0790521,
		0.137489,
		0.98628,
		-0.0913679	],
	"InPlanePhaseEncodingDirectionDICOM": "COL",
	"ConversionSoftware": "dcm2niix",
	"ConversionSoftwareVersion": "v1.0.20171215 GCC5.1.0"
}
