{
  "EchoTime": 0.03,
  "EffectiveEchoSpacing": 0.00049999,
  "FlipAngle": 65,
  "ImageType": [
    "ORIGINAL",
    "PRIMARY",
    "M",
    "ND",
    "MOSAIC"
  ],
  "MagneticFieldStrength": 3,
  "Manufacturer": "Siemens",
  "ManufacturersModelName": "Prisma",
  "PhaseEncodingDirection": "j-",
  "RepetitionTime": 1.224,
  "SliceTiming": [
    3.545,
    3.48,
    3.4125,
    3.345,
    3.2775,
    3.2125,
    3.145,
    3.0775,
    3.01,
    2.945,
    2.8775,
    2.81,
    2.7425,
    2.6775,
    2.61,
    2.5425,
    2.475,
    2.41,
    2.3425,
    2.275,
    2.2075,
    2.1425,
    2.075,
    2.0075,
    1.94,
    1.875,
    1.8075,
    1.74,
    1.6725,
    1.6075,
    1.54,
    1.4725,
    1.405,
    1.34,
    1.2725,
    1.205,
    1.1375,
    1.0725,
    1.005,
    0.9375,
    0.87,
    0.8025,
    0.7375,
    0.67,
    0.6025,
    0.535,
    0.47,
    0.4025,
    0.335,
    0.2675,
    0.2025,
    0.135,
    0.0675,
    0
  ]
}
