{
  "AcquisitionDateTime": "2019-11-06T17:07:15.040000",
  "AcquisitionMatrixPE": 84,
  "AcquisitionNumber": 1,
  "AcquisitionTime": "17:07:15.040000",
  "BandwidthPerPixelPhaseEncode": 23.81,
  "BaseResolution": 84,
  "BodyPartExamined": "HEAD",
  "ConsistencyInfo": "N4_VE11C_LATEST_20160120",
  "ConversionSoftware": "dcm2niix",
  "ConversionSoftwareVersion": "v1.0.20171215 GCC5.1.0",
  "DerivedVendorReportedEchoSpacing": 0.00049999,
  "DeviceSerialNumber": "66072",
  "DwellTime": 2.2e-006,
  "EchoTime": 0.03,
  "EchoTrainLength": 84,
  "EffectiveEchoSpacing": 0.00049999,
  "FlipAngle": 65,
  "ImageComments": "Unaliased_MB3_PE3_LB_SENSE1",
  "ImageOrientationPatientDICOM": [
    0.995943,
    0.04563,
    -0.0775581,
    -0.0398271,
    0.996404,
    0.0747881
  ],
  "ImageType": [
    "ORIGINAL",
    "PRIMARY",
    "M",
    "MB",
    "ND",
    "MOSAIC"
  ],
  "InPlanePhaseEncodingDirectionDICOM": "COL",
  "InstitutionAddress": "Boulevard_Jean_Moulin_27_Marseille_District_FR_13005",
  "InstitutionName": "Universite_d_aix_Marseille",
  "InstitutionalDepartmentName": "Department",
  "MRAcquisitionType": "2D",
  "MagneticFieldStrength": 3,
  "Manufacturer": "Siemens",
  "ManufacturersModelName": "Prisma",
  "Modality": "MR",
  "MultibandAccelerationFactor": 3,
  "PartialFourier": 1,
  "PatientPosition": "HFS",
  "PercentPhaseFOV": 100,
  "PhaseEncodingDirection": "j-",
  "PhaseEncodingSteps": 84,
  "PhaseResolution": 1,
  "PixelBandwidth": 2705,
  "ProcedureStepDescription": "Projets_archives_Aging",
  "ProtocolName": "task-illusion_run4_bold",
  "PulseSequenceDetails": "%CustomerSeq%_cmrr_mbep2d_bold",
  "ReceiveCoilActiveElements": "HC1-7",
  "ReceiveCoilName": "HeadNeck_64",
  "ReconMatrixPE": 84,
  "RepetitionTime": 1.224,
  "SAR": 0.0667816,
  "ScanOptions": "FS",
  "ScanningSequence": "EP",
  "SequenceName": "epfid2d1_84",
  "SequenceVariant": "SK_SS",
  "SeriesDescription": "task-illusion_run4_bold",
  "SeriesNumber": 22,
  "ShimSetting": [-619,-10766,-550,614,19,0,93,-9],
  "SliceThickness": 2.5,
  "SliceTiming": [
    1.1375,
    1.07,
    1.0025,
    0.9375,
    0.87,
    0.8025,
    0.735,
    0.67,
    0.6025,
    0.535,
    0.4675,
    0.4025,
    0.335,
    0.2675,
    0.2,
    0.135,
    0.0675,
    0,
    1.1375,
    1.07,
    1.0025,
    0.9375,
    0.87,
    0.8025,
    0.735,
    0.67,
    0.6025,
    0.535,
    0.4675,
    0.4025,
    0.335,
    0.2675,
    0.2,
    0.135,
    0.0675,
    0,
    1.1375,
    1.07,
    1.0025,
    0.9375,
    0.87,
    0.8025,
    0.735,
    0.67,
    0.6025,
    0.535,
    0.4675,
    0.4025,
    0.335,
    0.2675,
    0.2,
    0.135,
    0.0675,
    0
  ],
  "SoftwareVersions": "syngo_MR_E11",
  "SpacingBetweenSlices": 2.5,
  "StationName": "AWP66072",
  "TaskName": "illusion",
  "TotalReadoutTime": 0.04199916,
  "TxRefAmp": 230.177
}