{
  "EchoTime": 0.03,
  "EffectiveEchoSpacing": 0.00049999,
  "FlipAngle": 65,
  "ImageType": [
    "ORIGINAL",
    "PRIMARY",
    "M",
    "ND",
    "MOSAIC"
  ],
  "MagneticFieldStrength": 3,
  "Manufacturer": "Siemens",
  "ManufacturersModelName": "Prisma",
  "PhaseEncodingDirection": "j-",
  "RepetitionTime": 1.224,
  "SliceTiming": [
    3.545,
    3.4775,
    3.41,
    3.3425,
    3.275,
    3.21,
    3.1425,
    3.075,
    3.0075,
    2.9425,
    2.875,
    2.8075,
    2.74,
    2.675,
    2.6075,
    2.54,
    2.4725,
    2.4075,
    2.34,
    2.2725,
    2.205,
    2.14,
    2.0725,
    2.005,
    1.9375,
    1.8725,
    1.805,
    1.7375,
    1.67,
    1.605,
    1.5375,
    1.47,
    1.4025,
    1.3375,
    1.27,
    1.2025,
    1.135,
    1.07,
    1.0025,
    0.935,
    0.8675,
    0.8025,
    0.735,
    0.6675,
    0.6,
    0.535,
    0.4675,
    0.4,
    0.3325,
    0.2675,
    0.2,
    0.1325,
    0.065,
    0
  ]
}
