{
  "bids_meta": {
    "AcquisitionDateTime": "2019-11-15T14:33:50.027500",
    "AcquisitionMatrixPE": 320,
    "AcquisitionNumber": 1,
    "AcquisitionTime": "14:33:50.027500",
    "BaseResolution": 320,
    "BodyPartExamined": "HEAD",
    "ConsistencyInfo": "N4_VE11C_LATEST_20160120",
    "ConversionSoftware": "dcm2niix",
    "ConversionSoftwareVersion": "v1.0.20171215 GCC5.1.0",
    "DeviceSerialNumber": "66072",
    "DwellTime": 7.4e-06,
    "EchoTime": 0.00228,
    "FlipAngle": 8,
    "ImageOrientationPatientDICOM": [
      0.128225,
      0.9912,
      0.0328775,
      0.0826482,
      0.022356,
      -0.996328
    ],
    "ImageType": [
      "ORIGINAL",
      "PRIMARY",
      "M",
      "ND",
      "NORM"
    ],
    "InPlanePhaseEncodingDirectionDICOM": "ROW",
    "InstitutionAddress": "Boulevard_Jean_Moulin_27_Marseille_District_FR_13005",
    "InstitutionName": "Universite_d_aix_Marseille",
    "InstitutionalDepartmentName": "Department",
    "InversionTime": 1.01,
    "MRAcquisitionType": "3D",
    "MagneticFieldStrength": 3,
    "Manufacturer": "Siemens",
    "ManufacturersModelName": "Prisma",
    "Modality": "MR",
    "ParallelReductionFactorInPlane": 2,
    "PartialFourier": 1,
    "PatientPosition": "HFS",
    "PercentPhaseFOV": 100,
    "PhaseEncodingSteps": 319,
    "PhaseResolution": 1,
    "PixelBandwidth": 210,
    "ProcedureStepDescription": "Projets_archives_Aging",
    "ProtocolName": "T1w",
    "PulseSequenceDetails": "%SiemensSeq%_tfl",
    "ReceiveCoilActiveElements": "HC1-7;NC1,2",
    "ReceiveCoilName": "HeadNeck_64",
    "ReconMatrixPE": 320,
    "RepetitionTime": 2.4,
    "SAR": 0.0474347,
    "ScanOptions": "IR_WE",
    "ScanningSequence": "GR_IR",
    "SequenceName": "_tfl3d1_16ns",
    "SequenceVariant": "SK_SP_MP",
    "SeriesDescription": "T1w",
    "SeriesNumber": 23,
    "ShimSetting": [
      -614,
      -10774,
      -591,
      -322,
      30,
      -157,
      16,
      -17
    ],
    "SliceThickness": 0.8,
    "SoftwareVersions": "syngo_MR_E11",
    "StationName": "AWP66072",
    "TxRefAmp": 220.487,
    "dataset": "unknown",
    "modality": "T1w",
    "subject_id": "38"
  },
  "cjv": 0.488022352081622,
  "cnr": 2.714585212981518,
  "efc": 0.5981155285203672,
  "fber": 1451.7999267578125,
  "fwhm_avg": 4.470187336969709,
  "fwhm_x": 4.4104246450216245,
  "fwhm_y": 4.5484124322233725,
  "fwhm_z": 4.45172493366413,
  "icvs_csf": 0.1957617361158153,
  "icvs_gm": 0.38698861450719124,
  "icvs_wm": 0.4172496493769935,
  "inu_med": 1.0784138441085815,
  "inu_range": 0.5056772708892823,
  "provenance": {
    "md5sum": "a129c4562142776ec0afdc04c9aa058c",
    "settings": {
      "testing": false
    },
    "software": "mriqc",
    "version": "0.14.2",
    "warnings": {
      "large_rot_frame": true,
      "small_air_mask": false
    },
    "webapi_port": null,
    "webapi_url": "https://mriqc.nimh.nih.gov/api/v1"
  },
  "qi_1": 0.0,
  "qi_2": 0.002347085360894929,
  "rpve_csf": 36.888649446619695,
  "rpve_gm": 18.467321194904624,
  "rpve_wm": 20.331654816630113,
  "size_x": 256,
  "size_y": 320,
  "size_z": 320,
  "snr_csf": 3.3897554745079064,
  "snr_gm": 12.83347944572947,
  "snr_total": 11.159026269131656,
  "snr_wm": 17.25384388715759,
  "snrd_csf": 18.174380748505698,
  "snrd_gm": 40.26759047079028,
  "snrd_total": 37.02993194228784,
  "snrd_wm": 52.647824607567536,
  "spacing_x": 0.8000068664550781,
  "spacing_y": 0.800000011920929,
  "spacing_z": 0.800000011920929,
  "summary_bg_k": 2142.8098864785197,
  "summary_bg_mad": 12.444256782531738,
  "summary_bg_mean": 21.266815185546875,
  "summary_bg_median": 17.044654846191406,
  "summary_bg_n": 4567717.0,
  "summary_bg_p05": 3.380977487564087,
  "summary_bg_p95": 51.29055709838869,
  "summary_bg_stdv": 24.352811813354492,
  "summary_csf_k": 0.7132619562324529,
  "summary_csf_mad": 95.13462829589844,
  "summary_csf_mean": 360.9521484375,
  "summary_csf_median": 345.2207336425781,
  "summary_csf_n": 55063.0,
  "summary_csf_p05": 220.4000534057617,
  "summary_csf_p95": 552.6314697265623,
  "summary_csf_stdv": 101.84144592285156,
  "summary_gm_k": 0.19033961687611978,
  "summary_gm_mad": 58.71852493286133,
  "summary_gm_mean": 766.2197265625,
  "summary_gm_median": 764.8792724609375,
  "summary_gm_n": 34873.0,
  "summary_gm_p05": 670.0612426757813,
  "summary_gm_p95": 865.0999511718751,
  "summary_gm_stdv": 59.599449157714844,
  "summary_wm_k": 0.33995604525477585,
  "summary_wm_mad": 56.04551315307617,
  "summary_wm_mean": 1005.1990356445312,
  "summary_wm_median": 1000.0407104492188,
  "summary_wm_n": 409487.0,
  "summary_wm_p05": 919.3320129394531,
  "summary_wm_p95": 1109.2581176757812,
  "summary_wm_stdv": 57.96038818359375,
  "tpm_overlap_csf": 0.23793119192123413,
  "tpm_overlap_gm": 0.48334941267967224,
  "tpm_overlap_wm": 0.5716074109077454,
  "wm2max": 0.5362900525153896
}