{
  "bids_meta": {
    "AcquisitionDateTime": "2019-11-15T11:17:23.000000",
    "AcquisitionMatrixPE": 320,
    "AcquisitionNumber": 1,
    "AcquisitionTime": "11:17:23.000000",
    "BaseResolution": 320,
    "BodyPartExamined": "HEAD",
    "ConsistencyInfo": "N4_VE11C_LATEST_20160120",
    "ConversionSoftware": "dcm2niix",
    "ConversionSoftwareVersion": "v1.0.20171215 GCC5.1.0",
    "DeviceSerialNumber": "66072",
    "DwellTime": 7.4e-06,
    "EchoTime": 0.00228,
    "FlipAngle": 8,
    "ImageOrientationPatientDICOM": [
      -0.0473797,
      0.991442,
      0.121645,
      0.0232334,
      0.122843,
      -0.992154
    ],
    "ImageType": [
      "ORIGINAL",
      "PRIMARY",
      "M",
      "ND",
      "NORM"
    ],
    "InPlanePhaseEncodingDirectionDICOM": "ROW",
    "InstitutionAddress": "Boulevard_Jean_Moulin_27_Marseille_District_FR_13005",
    "InstitutionName": "Universite_d_aix_Marseille",
    "InstitutionalDepartmentName": "Department",
    "InversionTime": 1.01,
    "MRAcquisitionType": "3D",
    "MagneticFieldStrength": 3,
    "Manufacturer": "Siemens",
    "ManufacturersModelName": "Prisma",
    "Modality": "MR",
    "ParallelReductionFactorInPlane": 2,
    "PartialFourier": 1,
    "PatientPosition": "HFS",
    "PercentPhaseFOV": 100,
    "PhaseEncodingSteps": 319,
    "PhaseResolution": 1,
    "PixelBandwidth": 210,
    "ProcedureStepDescription": "Projets_archives_Aging",
    "ProtocolName": "T1w",
    "PulseSequenceDetails": "%SiemensSeq%_tfl",
    "ReceiveCoilActiveElements": "HC1-7;NC1,2",
    "ReceiveCoilName": "HeadNeck_64",
    "ReconMatrixPE": 320,
    "RepetitionTime": 2.4,
    "SAR": 0.0566088,
    "ScanOptions": "IR_WE",
    "ScanningSequence": "GR_IR",
    "SequenceName": "_tfl3d1_16ns",
    "SequenceVariant": "SK_SP_MP",
    "SeriesDescription": "T1w",
    "SeriesNumber": 23,
    "ShimSetting": [
      -593,
      -10792,
      -668,
      -143,
      89,
      -191,
      55,
      -20
    ],
    "SliceThickness": 0.8,
    "SoftwareVersions": "syngo_MR_E11",
    "StationName": "AWP66072",
    "TxRefAmp": 227.611,
    "dataset": "unknown",
    "modality": "T1w",
    "subject_id": "37"
  },
  "cjv": 0.44523947461316027,
  "cnr": 2.9239938298669275,
  "efc": 0.6042972269293484,
  "fber": 2644.947998046875,
  "fwhm_avg": 4.346922962630474,
  "fwhm_x": 4.268619018606642,
  "fwhm_y": 4.359262435041928,
  "fwhm_z": 4.412887434242853,
  "icvs_csf": 0.15227258483652634,
  "icvs_gm": 0.4289591128127499,
  "icvs_wm": 0.4187683023507238,
  "inu_med": 1.0277488231658936,
  "inu_range": 0.5178726226091384,
  "provenance": {
    "md5sum": "82b90cf4a059a1be9f11d9795bef0d73",
    "settings": {
      "testing": false
    },
    "software": "mriqc",
    "version": "0.14.2",
    "warnings": {
      "large_rot_frame": true,
      "small_air_mask": false
    },
    "webapi_port": null,
    "webapi_url": "https://mriqc.nimh.nih.gov/api/v1"
  },
  "qi_1": 0.0,
  "qi_2": 0.005137116019606059,
  "rpve_csf": 41.039416577394576,
  "rpve_gm": 16.494818415493853,
  "rpve_wm": 19.17077460772113,
  "size_x": 256,
  "size_y": 320,
  "size_z": 320,
  "snr_csf": 2.951145518043908,
  "snr_gm": 12.427261364406421,
  "snr_total": 11.601468858718478,
  "snr_wm": 19.42599969370511,
  "snrd_csf": 27.35994804495798,
  "snrd_gm": 62.161408965368516,
  "snrd_total": 57.07263551298587,
  "snrd_wm": 81.69654952863112,
  "spacing_x": 0.7999964356422424,
  "spacing_y": 0.800000011920929,
  "spacing_z": 0.800000011920929,
  "summary_bg_k": 2246.956229198797,
  "summary_bg_mad": 8.019394874572754,
  "summary_bg_mean": 13.882837295532227,
  "summary_bg_median": 11.836987495422363,
  "summary_bg_n": 3616615.0,
  "summary_bg_p05": 2.109392237663269,
  "summary_bg_p95": 31.18962593078613,
  "summary_bg_stdv": 17.002058029174805,
  "summary_csf_k": 2.1655581703059426,
  "summary_csf_mad": 91.50505828857422,
  "summary_csf_mean": 361.7932434082031,
  "summary_csf_median": 334.90771484375,
  "summary_csf_n": 35222.0,
  "summary_csf_p05": 224.05159454345704,
  "summary_csf_p95": 584.8144470214843,
  "summary_csf_stdv": 113.48236083984375,
  "summary_gm_k": 0.5850780972874543,
  "summary_gm_mad": 57.841712951660156,
  "summary_gm_mean": 762.8394165039062,
  "summary_gm_median": 760.905517578125,
  "summary_gm_n": 68576.0,
  "summary_gm_p05": 666.2782287597656,
  "summary_gm_p95": 866.4712677001953,
  "summary_gm_stdv": 61.22829055786133,
  "summary_wm_k": 0.3971778451255208,
  "summary_wm_mad": 48.626529693603516,
  "summary_wm_mean": 1005.447509765625,
  "summary_wm_median": 1000.0313110351562,
  "summary_wm_n": 460347.0,
  "summary_wm_p05": 930.2027893066406,
  "summary_wm_p95": 1099.154895019531,
  "summary_wm_stdv": 51.47895812988281,
  "tpm_overlap_csf": 0.23099812865257263,
  "tpm_overlap_gm": 0.4977651536464691,
  "tpm_overlap_wm": 0.5336875915527344,
  "wm2max": 0.594010027014571
}