{
  "EchoTime": 0.059,
  "EffectiveEchoSpacing": 0.00049999,
  "FlipAngle": 90,
  "ImageType": [
    "ORIGINAL",
    "PRIMARY",
    "M",
    "ND",
    "MOSAIC"
  ],
  "MagneticFieldStrength": 3,
  "Manufacturer": "Siemens",
  "ManufacturersModelName": "Prisma",
  "PhaseEncodingDirection": "j-",
  "RepetitionTime": 7.06,
  "SliceTiming": [
    3.52,
    0,
    3.65,
    0.13,
    3.78,
    0.26,
    3.91,
    0.39,
    4.04,
    0.52,
    4.17,
    0.65,
    4.3,
    0.78,
    4.4325,
    0.9125,
    4.5625,
    1.0425,
    4.6925,
    1.1725,
    4.8225,
    1.3025,
    4.9525,
    1.4325,
    5.0825,
    1.5625,
    5.2125,
    1.6925,
    5.345,
    1.825,
    5.475,
    1.955,
    5.605,
    2.085,
    5.735,
    2.215,
    5.865,
    2.345,
    5.995,
    2.475,
    6.125,
    2.605,
    6.2575,
    2.7375,
    6.3875,
    2.8675,
    6.5175,
    2.9975,
    6.6475,
    3.1275,
    6.7775,
    3.2575,
    6.9075,
    3.3875
  ],
  "TotalReadoutTime": 0.04199916
}
