{
  "bids_meta": {
    "AcquisitionDateTime": "2019-11-15T12:58:44.002500",
    "AcquisitionMatrixPE": 320,
    "AcquisitionNumber": 1,
    "AcquisitionTime": "12:58:44.002500",
    "BaseResolution": 320,
    "BodyPartExamined": "HEAD",
    "ConsistencyInfo": "N4_VE11C_LATEST_20160120",
    "ConversionSoftware": "dcm2niix",
    "ConversionSoftwareVersion": "v1.0.20171215 GCC5.1.0",
    "DeviceSerialNumber": "66072",
    "DwellTime": 7.4e-06,
    "EchoTime": 0.00228,
    "FlipAngle": 8,
    "ImageOrientationPatientDICOM": [
      0.0417389,
      0.99892,
      -0.0203955,
      0.0469998,
      -0.0223537,
      -0.998645
    ],
    "ImageType": [
      "ORIGINAL",
      "PRIMARY",
      "M",
      "ND",
      "NORM"
    ],
    "InPlanePhaseEncodingDirectionDICOM": "ROW",
    "InstitutionAddress": "Boulevard_Jean_Moulin_27_Marseille_District_FR_13005",
    "InstitutionName": "Universite_d_aix_Marseille",
    "InstitutionalDepartmentName": "Department",
    "InversionTime": 1.01,
    "MRAcquisitionType": "3D",
    "MagneticFieldStrength": 3,
    "Manufacturer": "Siemens",
    "ManufacturersModelName": "Prisma",
    "Modality": "MR",
    "ParallelReductionFactorInPlane": 2,
    "PartialFourier": 1,
    "PatientPosition": "HFS",
    "PercentPhaseFOV": 100,
    "PhaseEncodingSteps": 319,
    "PhaseResolution": 1,
    "PixelBandwidth": 210,
    "ProcedureStepDescription": "Projets_archives_Aging",
    "ProtocolName": "T1w",
    "PulseSequenceDetails": "%SiemensSeq%_tfl",
    "ReceiveCoilActiveElements": "HC1-7;NC1,2",
    "ReceiveCoilName": "HeadNeck_64",
    "ReconMatrixPE": 320,
    "RepetitionTime": 2.4,
    "SAR": 0.0470689,
    "ScanOptions": "IR_WE",
    "ScanningSequence": "GR_IR",
    "SequenceName": "_tfl3d1_16ns",
    "SequenceVariant": "SK_SP_MP",
    "SeriesDescription": "T1w",
    "SeriesNumber": 23,
    "ShimSetting": [
      -581,
      -10809,
      -624,
      116,
      90,
      -227,
      -36,
      -22
    ],
    "SliceThickness": 0.8,
    "SoftwareVersions": "syngo_MR_E11",
    "StationName": "AWP66072",
    "TxRefAmp": 258.703,
    "dataset": "unknown",
    "modality": "T1w",
    "subject_id": "39"
  },
  "cjv": 0.6044890534119195,
  "cnr": 2.2378586357187475,
  "efc": 0.631557154243243,
  "fber": 3070.42919921875,
  "fwhm_avg": 4.291366401575828,
  "fwhm_x": 4.315486832260745,
  "fwhm_y": 4.295912435985916,
  "fwhm_z": 4.262699936480821,
  "icvs_csf": 0.19551002771016723,
  "icvs_gm": 0.36392805194272687,
  "icvs_wm": 0.4405619203471059,
  "inu_med": 1.0938507318496704,
  "inu_range": 0.6079180777072903,
  "provenance": {
    "md5sum": "0b83c4fb98ffdcc63364755c1d765433",
    "settings": {
      "testing": false
    },
    "software": "mriqc",
    "version": "0.14.2",
    "warnings": {
      "large_rot_frame": true,
      "small_air_mask": false
    },
    "webapi_port": null,
    "webapi_url": "https://mriqc.nimh.nih.gov/api/v1"
  },
  "qi_1": 0.0,
  "qi_2": 0.004799043399484218,
  "rpve_csf": 28.163325742534663,
  "rpve_gm": 14.34882845174341,
  "rpve_wm": 14.48258723658486,
  "size_x": 256,
  "size_y": 320,
  "size_z": 320,
  "snr_csf": 3.5125966169403164,
  "snr_gm": 11.486557876543817,
  "snr_total": 10.458383434630376,
  "snr_wm": 16.37599581040699,
  "snrd_csf": 34.771628424574786,
  "snrd_gm": 69.93991139703616,
  "snrd_total": 64.32701644852253,
  "snrd_wm": 88.26950952395664,
  "spacing_x": 0.7999978065490723,
  "spacing_y": 0.800000011920929,
  "spacing_z": 0.800000011920929,
  "summary_bg_k": 1941.372911729012,
  "summary_bg_mad": 7.422163963317871,
  "summary_bg_mean": 12.730737686157227,
  "summary_bg_median": 10.887968063354492,
  "summary_bg_n": 4020792.0,
  "summary_bg_p05": 2.079966104030609,
  "summary_bg_p95": 28.96760435104369,
  "summary_bg_stdv": 11.102395057678223,
  "summary_csf_k": 0.06126910267230379,
  "summary_csf_mad": 109.20762634277344,
  "summary_csf_mean": 411.10205078125,
  "summary_csf_median": 393.9343566894531,
  "summary_csf_n": 49444.0,
  "summary_csf_p05": 253.59723052978515,
  "summary_csf_p95": 616.4117736816406,
  "summary_csf_stdv": 112.14791107177734,
  "summary_gm_k": 0.3029753062636411,
  "summary_gm_mad": 65.53990936279297,
  "summary_gm_mean": 794.10888671875,
  "summary_gm_median": 792.3624877929688,
  "summary_gm_n": 35417.0,
  "summary_gm_p05": 682.37138671875,
  "summary_gm_p95": 910.5856323242188,
  "summary_gm_stdv": 68.98074340820312,
  "summary_wm_k": 0.31457815862242633,
  "summary_wm_mad": 59.98797607421875,
  "summary_wm_mean": 1004.4329223632812,
  "summary_wm_median": 1000.02197265625,
  "summary_wm_n": 528452.0,
  "summary_wm_p05": 912.0981292724609,
  "summary_wm_p95": 1110.5291442871094,
  "summary_wm_stdv": 61.0662727355957,
  "tpm_overlap_csf": 0.17733290791511536,
  "tpm_overlap_gm": 0.4177083671092987,
  "tpm_overlap_wm": 0.517596960067749,
  "wm2max": 0.6363583973583813
}