{
  "bids_meta": {
    "AcquisitionDateTime": "2019-11-06T15:28:32.015000",
    "AcquisitionMatrixPE": 320,
    "AcquisitionNumber": 1,
    "AcquisitionTime": "15:28:32.015000",
    "BaseResolution": 320,
    "BodyPartExamined": "HEAD",
    "ConsistencyInfo": "N4_VE11C_LATEST_20160120",
    "ConversionSoftware": "dcm2niix",
    "ConversionSoftwareVersion": "v1.0.20171215 GCC5.1.0",
    "DeviceSerialNumber": "66072",
    "DwellTime": 7.4e-06,
    "EchoTime": 0.00228,
    "FlipAngle": 8,
    "ImageOrientationPatientDICOM": [
      0.0190859,
      0.986719,
      0.161313,
      0.0419958,
      0.160409,
      -0.986157
    ],
    "ImageType": [
      "ORIGINAL",
      "PRIMARY",
      "M",
      "ND",
      "NORM"
    ],
    "InPlanePhaseEncodingDirectionDICOM": "ROW",
    "InstitutionAddress": "Boulevard_Jean_Moulin_27_Marseille_District_FR_13005",
    "InstitutionName": "Universite_d_aix_Marseille",
    "InstitutionalDepartmentName": "Department",
    "InversionTime": 1.01,
    "MRAcquisitionType": "3D",
    "MagneticFieldStrength": 3,
    "Manufacturer": "Siemens",
    "ManufacturersModelName": "Prisma",
    "Modality": "MR",
    "ParallelReductionFactorInPlane": 2,
    "PartialFourier": 1,
    "PatientPosition": "HFS",
    "PercentPhaseFOV": 100,
    "PhaseEncodingSteps": 319,
    "PhaseResolution": 1,
    "PixelBandwidth": 210,
    "ProcedureStepDescription": "Projets_archives_Aging",
    "ProtocolName": "T1w",
    "PulseSequenceDetails": "%SiemensSeq%_tfl",
    "ReceiveCoilActiveElements": "HC1-7;NC1,2",
    "ReceiveCoilName": "HeadNeck_64",
    "ReconMatrixPE": 320,
    "RepetitionTime": 2.4,
    "SAR": 0.0415054,
    "ScanOptions": "IR_WE",
    "ScanningSequence": "GR_IR",
    "SequenceName": "_tfl3d1_16ns",
    "SequenceVariant": "SK_SP_MP",
    "SeriesDescription": "T1w",
    "SeriesNumber": 23,
    "ShimSetting": [
      -604,
      -10837,
      -667,
      -31,
      72,
      -274,
      119,
      4
    ],
    "SliceThickness": 0.8,
    "SoftwareVersions": "syngo_MR_E11",
    "StationName": "AWP66072",
    "TxRefAmp": 231.09,
    "dataset": "unknown",
    "modality": "T1w",
    "subject_id": "34"
  },
  "cjv": 0.41590715444060067,
  "cnr": 3.090653641392054,
  "efc": 0.5944180927427345,
  "fber": 2463.219970703125,
  "fwhm_avg": 4.3949746119779425,
  "fwhm_x": 4.328948967898138,
  "fwhm_y": 4.368949934897572,
  "fwhm_z": 4.487024933138118,
  "icvs_csf": 0.15817011516149737,
  "icvs_gm": 0.40633474115800966,
  "icvs_wm": 0.43549514368049297,
  "inu_med": 1.0220140218734741,
  "inu_range": 0.5399824142456052,
  "provenance": {
    "md5sum": "3f01ee5f5005b811f910d5180811b1c4",
    "settings": {
      "testing": false
    },
    "software": "mriqc",
    "version": "0.14.2",
    "warnings": {
      "large_rot_frame": true,
      "small_air_mask": false
    },
    "webapi_port": null,
    "webapi_url": "https://mriqc.nimh.nih.gov/api/v1"
  },
  "qi_1": 7.779393682700141e-05,
  "qi_2": 0.0068266838108276716,
  "rpve_csf": 44.91128989235839,
  "rpve_gm": 19.09708918639849,
  "rpve_wm": 20.95425987337956,
  "size_x": 256,
  "size_y": 320,
  "size_z": 320,
  "snr_csf": 2.8016864132012884,
  "snr_gm": 12.230027346421677,
  "snr_total": 11.910052971137143,
  "snr_wm": 20.698445153788462,
  "snrd_csf": 24.797556969405896,
  "snrd_gm": 54.257062402696256,
  "snrd_total": 50.357742368494115,
  "snrd_wm": 72.0186077333802,
  "spacing_x": 0.8000001907348633,
  "spacing_y": 0.800000011920929,
  "spacing_z": 0.800000011920929,
  "summary_bg_k": 2949.6583513603514,
  "summary_bg_mad": 9.09714126586914,
  "summary_bg_mean": 15.027960777282715,
  "summary_bg_median": 12.427534103393555,
  "summary_bg_n": 3861565.0,
  "summary_bg_p05": 2.3672288417816163,
  "summary_bg_p95": 35.76122207641602,
  "summary_bg_stdv": 15.456589698791504,
  "summary_csf_k": 0.20482114040021537,
  "summary_csf_mad": 115.47689819335938,
  "summary_csf_mean": 372.4410400390625,
  "summary_csf_median": 344.33575439453125,
  "summary_csf_n": 29484.0,
  "summary_csf_p05": 214.9372215270996,
  "summary_csf_p95": 603.4969970703124,
  "summary_csf_stdv": 122.90094757080078,
  "summary_gm_k": 0.7437832602742058,
  "summary_gm_mad": 56.67677688598633,
  "summary_gm_mean": 755.5809936523438,
  "summary_gm_median": 753.40673828125,
  "summary_gm_n": 41065.0,
  "summary_gm_p05": 659.0535400390625,
  "summary_gm_p95": 861.5517944335937,
  "summary_gm_stdv": 61.60227966308594,
  "summary_wm_k": 0.4356299925822178,
  "summary_wm_mad": 45.90031051635742,
  "summary_wm_mean": 1003.6104736328125,
  "summary_wm_median": 1000.0413208007812,
  "summary_wm_n": 422719.0,
  "summary_wm_p05": 930.7355102539062,
  "summary_wm_p95": 1089.0523803710937,
  "summary_wm_stdv": 48.31474685668945,
  "tpm_overlap_csf": 0.24105893075466156,
  "tpm_overlap_gm": 0.49804309010505676,
  "tpm_overlap_wm": 0.5587114095687866,
  "wm2max": 0.5509873006888805
}