{
  "bids_meta": {
    "AcquisitionDateTime": "2019-11-07T14:14:16.995000",
    "AcquisitionMatrixPE": 320,
    "AcquisitionNumber": 1,
    "AcquisitionTime": "14:14:16.995000",
    "BaseResolution": 320,
    "BodyPartExamined": "HEAD",
    "ConsistencyInfo": "N4_VE11C_LATEST_20160120",
    "ConversionSoftware": "dcm2niix",
    "ConversionSoftwareVersion": "v1.0.20171215 GCC5.1.0",
    "DeviceSerialNumber": "66072",
    "DwellTime": 7.4e-06,
    "EchoTime": 0.00228,
    "FlipAngle": 8,
    "ImageOrientationPatientDICOM": [
      -0.0534446,
      0.979234,
      0.195563,
      -0.0314264,
      0.194097,
      -0.980479
    ],
    "ImageType": [
      "ORIGINAL",
      "PRIMARY",
      "M",
      "ND",
      "NORM"
    ],
    "InPlanePhaseEncodingDirectionDICOM": "ROW",
    "InstitutionAddress": "Boulevard_Jean_Moulin_27_Marseille_District_FR_13005",
    "InstitutionName": "Universite_d_aix_Marseille",
    "InstitutionalDepartmentName": "Department",
    "InversionTime": 1.01,
    "MRAcquisitionType": "3D",
    "MagneticFieldStrength": 3,
    "Manufacturer": "Siemens",
    "ManufacturersModelName": "Prisma",
    "Modality": "MR",
    "ParallelReductionFactorInPlane": 2,
    "PartialFourier": 1,
    "PatientPosition": "HFS",
    "PercentPhaseFOV": 100,
    "PhaseEncodingSteps": 319,
    "PhaseResolution": 1,
    "PixelBandwidth": 210,
    "ProcedureStepDescription": "Projets_archives_Aging",
    "ProtocolName": "T1w",
    "PulseSequenceDetails": "%SiemensSeq%_tfl",
    "ReceiveCoilActiveElements": "HC1-7;NC1,2",
    "ReceiveCoilName": "HeadNeck_64",
    "ReconMatrixPE": 320,
    "RepetitionTime": 2.4,
    "SAR": 0.0502766,
    "ScanOptions": "IR_WE",
    "ScanningSequence": "GR_IR",
    "SequenceName": "_tfl3d1_16ns",
    "SequenceVariant": "SK_SP_MP",
    "SeriesDescription": "T1w",
    "SeriesNumber": 23,
    "ShimSetting": [
      -602,
      -10817,
      -606,
      148,
      79,
      -213,
      18,
      5
    ],
    "SliceThickness": 0.8,
    "SoftwareVersions": "syngo_MR_E11",
    "StationName": "AWP66072",
    "TxRefAmp": 239.629,
    "dataset": "unknown",
    "modality": "T1w",
    "subject_id": "41"
  },
  "cjv": 0.46189183984324683,
  "cnr": 2.8953980792712937,
  "efc": 0.6198827963758269,
  "fber": 3097.15380859375,
  "fwhm_avg": 4.252380944650528,
  "fwhm_x": 4.25589296063008,
  "fwhm_y": 4.234024936908112,
  "fwhm_z": 4.267224936413394,
  "icvs_csf": 0.1606957698143665,
  "icvs_gm": 0.4164928949493824,
  "icvs_wm": 0.4228113352362511,
  "inu_med": 1.0051641464233398,
  "inu_range": 0.46127909421920776,
  "provenance": {
    "md5sum": "2f20fced30aa4dbd7d75edeb247630b8",
    "settings": {
      "testing": false
    },
    "software": "mriqc",
    "version": "0.14.2",
    "warnings": {
      "large_rot_frame": true,
      "small_air_mask": false
    },
    "webapi_port": null,
    "webapi_url": "https://mriqc.nimh.nih.gov/api/v1"
  },
  "qi_1": 0.0,
  "qi_2": 0.013192382712736091,
  "rpve_csf": 35.82215158749564,
  "rpve_gm": 15.09355166426432,
  "rpve_wm": 17.07791537227604,
  "size_x": 256,
  "size_y": 320,
  "size_z": 320,
  "snr_csf": 3.0517517703760846,
  "snr_gm": 12.745998264171416,
  "snr_total": 11.279232131839485,
  "snr_wm": 18.039946360970955,
  "snrd_csf": 25.70847796235723,
  "snrd_gm": 57.130916876425474,
  "snrd_total": 52.59991680766061,
  "snrd_wm": 74.96035558419912,
  "spacing_x": 0.800001323223114,
  "spacing_y": 0.800000011920929,
  "spacing_z": 0.800000011920929,
  "summary_bg_k": 2.851738937589886,
  "summary_bg_mad": 8.740044593811035,
  "summary_bg_mean": 15.021831512451172,
  "summary_bg_median": 13.12764835357666,
  "summary_bg_n": 4053625.0,
  "summary_bg_p05": 2.5965667724609385,
  "summary_bg_p95": 34.0354377746582,
  "summary_bg_stdv": 10.00826644897461,
  "summary_csf_k": 0.792110752222511,
  "summary_csf_mad": 96.24544525146484,
  "summary_csf_mean": 368.6756896972656,
  "summary_csf_median": 342.9717102050781,
  "summary_csf_n": 46927.0,
  "summary_csf_p05": 226.9389602661133,
  "summary_csf_p95": 589.6227111816406,
  "summary_csf_stdv": 112.38399505615234,
  "summary_gm_k": 0.6098770982955144,
  "summary_gm_mad": 56.638545989990234,
  "summary_gm_mean": 764.059326171875,
  "summary_gm_median": 762.1722412109375,
  "summary_gm_n": 62054.0,
  "summary_gm_p05": 669.7078491210938,
  "summary_gm_p95": 864.5907318115234,
  "summary_gm_stdv": 59.79650115966797,
  "summary_wm_k": 0.18470041877024768,
  "summary_wm_mad": 53.22658920288086,
  "summary_wm_mean": 1005.2824096679688,
  "summary_wm_median": 1000.03125,
  "summary_wm_n": 512840.0,
  "summary_wm_p05": 922.8740844726562,
  "summary_wm_p95": 1105.4796447753906,
  "summary_wm_stdv": 55.4342155456543,
  "tpm_overlap_csf": 0.23162640631198883,
  "tpm_overlap_gm": 0.48565053939819336,
  "tpm_overlap_wm": 0.5368544459342957,
  "wm2max": 0.6621373941547469
}