{
  "AcquisitionDateTime": "2019-11-15T12:11:24.137500",
  "AcquisitionMatrixPE": 84,
  "AcquisitionNumber": 1,
  "AcquisitionTime": "12:11:24.137500",
  "BandwidthPerPixelPhaseEncode": 23.81,
  "BaseResolution": 84,
  "BodyPartExamined": "HEAD",
  "ConsistencyInfo": "N4_VE11C_LATEST_20160120",
  "ConversionSoftware": "dcm2niix",
  "ConversionSoftwareVersion": "v1.0.20171215 GCC5.1.0",
  "DerivedVendorReportedEchoSpacing": 0.00049999,
  "DeviceSerialNumber": "66072",
  "DwellTime": 2.6e-06,
  "EchoTime": 0.059,
  "EchoTrainLength": 84,
  "EffectiveEchoSpacing": 0.00049999,
  "FlipAngle": 90,
  "ImageComments": "SENSE1",
  "ImageOrientationPatientDICOM": [
    0.99802,
    -0.0407769,
    0.0478895,
    0.0470654,
    0.989239,
    -0.13853
  ],
  "ImageType": [
    "ORIGINAL",
    "PRIMARY",
    "M",
    "ND",
    "MOSAIC"
  ],
  "InPlanePhaseEncodingDirectionDICOM": "COL",
  "InstitutionAddress": "Boulevard_Jean_Moulin_27_Marseille_District_FR_13005",
  "InstitutionName": "Universite_d_aix_Marseille",
  "InstitutionalDepartmentName": "Department",
  "MRAcquisitionType": "2D",
  "MagneticFieldStrength": 3,
  "Manufacturer": "Siemens",
  "ManufacturersModelName": "Prisma",
  "Modality": "MR",
  "PartialFourier": 1,
  "PatientPosition": "HFS",
  "PercentPhaseFOV": 100,
  "PhaseEncodingDirection": "j",
  "PhaseEncodingSteps": 84,
  "PhaseResolution": 1,
  "PixelBandwidth": 2290,
  "ProcedureStepDescription": "Projets_archives_Aging",
  "ProtocolName": "Fieldmap_topup_PA",
  "PulseSequenceDetails": "%CustomerSeq%_cmrr_mbep2d_se",
  "ReceiveCoilActiveElements": "HC1-7",
  "ReceiveCoilName": "HeadNeck_64",
  "ReconMatrixPE": 84,
  "RepetitionTime": 7.06,
  "SAR": 0.147385,
  "ScanOptions": "FS",
  "ScanningSequence": "EP",
  "SequenceName": "epse2d1_84",
  "SequenceVariant": "SK",
  "SeriesDescription": "Fieldmap_topup_PA",
  "SeriesNumber": 11,
  "ShimSetting": [
    -574,
    -10771,
    -539,
    385,
    126,
    -7,
    -12,
    -21
  ],
  "SliceThickness": 2.5,
  "SliceTiming": [
    3.52,
    0,
    3.65,
    0.13,
    3.78,
    0.26,
    3.91,
    0.39,
    4.04,
    0.52,
    4.17,
    0.65,
    4.3,
    0.78,
    4.4325,
    0.9125,
    4.5625,
    1.0425,
    4.6925,
    1.1725,
    4.8225,
    1.3025,
    4.9525,
    1.4325,
    5.0825,
    1.5625,
    5.2125,
    1.6925,
    5.345,
    1.825,
    5.475,
    1.955,
    5.605,
    2.085,
    5.735,
    2.215,
    5.865,
    2.345,
    5.995,
    2.475,
    6.125,
    2.605,
    6.2575,
    2.7375,
    6.3875,
    2.8675,
    6.5175,
    2.9975,
    6.6475,
    3.1275,
    6.7775,
    3.2575,
    6.9075,
    3.3875
  ],
  "SoftwareVersions": "syngo_MR_E11",
  "SpacingBetweenSlices": 2.5,
  "StationName": "AWP66072",
  "TotalReadoutTime": 0.04199916,
  "TxRefAmp": 258.703,
  "IntendedFor": [
    "func/sub-39_task-illusion_run-01_bold.nii.gz",
    "func/sub-39_task-illusion_run-02_bold.nii.gz",
    "func/sub-39_task-illusion_run-03_bold.nii.gz",
    "func/sub-39_task-illusion_run-04_bold.nii.gz",
    "func/sub-39_task-rest_bold.nii.gz"
  ]
}
