{
  "AcquisitionDateTime": "2019-11-06T14:45:29.537500",
  "AcquisitionMatrixPE": 84,
  "AcquisitionNumber": 1,
  "AcquisitionTime": "14:45:29.537500",
  "BandwidthPerPixelPhaseEncode": 23.81,
  "BaseResolution": 84,
  "BodyPartExamined": "HEAD",
  "ConsistencyInfo": "N4_VE11C_LATEST_20160120",
  "ConversionSoftware": "dcm2niix",
  "ConversionSoftwareVersion": "v1.0.20171215 GCC5.1.0",
  "DerivedVendorReportedEchoSpacing": 0.00049999,
  "DeviceSerialNumber": "66072",
  "DwellTime": 2.3e-006,
  "EchoTime": 0.03,
  "EchoTrainLength": 84,
  "EffectiveEchoSpacing": 0.00049999,
  "FlipAngle": 65,
  "ImageComments": "Single-band_reference_SENSE1",
  "ImageOrientationPatientDICOM": [
    0.998934,
    -0.0256752,
    0.0383725,
    0.0237156,
    0.998433,
    0.050677
  ],
  "ImageType": ["ORIGINAL","PRIMARY","M","ND","MOSAIC"],
  "InPlanePhaseEncodingDirectionDICOM": "COL",
  "InstitutionAddress": "Boulevard_Jean_Moulin_27_Marseille_District_FR_13005",
  "InstitutionName": "Universite_d_aix_Marseille",
  "InstitutionalDepartmentName": "Department",
  "MRAcquisitionType": "2D",
  "MagneticFieldStrength": 3,
  "Manufacturer": "Siemens",
  "ManufacturersModelName": "Prisma",
  "Modality": "MR",
  "PartialFourier": 1,
  "PatientPosition": "HFS",
  "PercentPhaseFOV": 100,
  "PhaseEncodingDirection": "j-",
  "PhaseEncodingSteps": 84,
  "PhaseResolution": 1,
  "PixelBandwidth": 2590,
  "ProcedureStepDescription": "Projets_archives_Aging",
  "ProtocolName": "task-rest_bold",
  "PulseSequenceDetails": "%CustomerSeq%_cmrr_mbep2d_bold",
  "ReceiveCoilActiveElements": "HC1-6",
  "ReceiveCoilName": "HeadNeck_64",
  "ReconMatrixPE": 84,
  "RepetitionTime": 1.224,
  "SAR": 0.062508,
  "ScanOptions": "FS",
  "ScanningSequence": "EP",
  "SequenceName": "epfid2d1_84",
  "SequenceVariant": "SK_SS",
  "SeriesDescription": "task-rest_bold_SBRef",
  "SeriesNumber": 13,
  "ShimSetting": [-618,-10788,-474,476,-42,37,135,24],
  "SliceThickness": 2.5,
  "SliceTiming": [
    3.545,
    3.4775,
    3.4125,
    3.345,
    3.2775,
    3.21,
    3.145,
    3.0775,
    3.01,
    2.9425,
    2.8775,
    2.81,
    2.7425,
    2.675,
    2.61,
    2.5425,
    2.475,
    2.4075,
    2.3425,
    2.275,
    2.2075,
    2.14,
    2.075,
    2.0075,
    1.94,
    1.8725,
    1.8075,
    1.74,
    1.6725,
    1.605,
    1.54,
    1.4725,
    1.405,
    1.3375,
    1.2725,
    1.205,
    1.1375,
    1.07,
    1.005,
    0.9375,
    0.87,
    0.8025,
    0.7375,
    0.67,
    0.6025,
    0.535,
    0.47,
    0.4025,
    0.335,
    0.2675,
    0.2025,
    0.135,
    0.0675,
    0
  ],
  "SoftwareVersions": "syngo_MR_E11",
  "SpacingBetweenSlices": 2.5,
  "StationName": "AWP66072",
  "TotalReadoutTime": 0.04199916,
  "TxRefAmp": 231.09
}