{
  "EchoTime": 0.03,
  "EffectiveEchoSpacing": 0.00049999,
  "FlipAngle": 65,
  "ImageType": [
    "ORIGINAL",
    "PRIMARY",
    "M",
    "MB",
    "ND",
    "MOSAI"
  ],
  "MagneticFieldStrength": 3,
  "Manufacturer": "Siemens",
  "ManufacturersModelName": "Prisma",
  "PhaseEncodingDirection": "j-",
  "RepetitionTime": 1.224,
  "SliceTiming": [
    1.1375,
    1.0725,
    1.005,
    0.9375,
    0.87,
    0.805,
    0.7375,
    0.67,
    0.6025,
    0.535,
    0.47,
    0.4025,
    0.335,
    0.2675,
    0.2025,
    0.135,
    0.0675,
    0,
    1.1375,
    1.0725,
    1.005,
    0.9375,
    0.87,
    0.805,
    0.7375,
    0.67,
    0.6025,
    0.535,
    0.47,
    0.4025,
    0.335,
    0.2675,
    0.2025,
    0.135,
    0.0675,
    0,
    1.1375,
    1.0725,
    1.005,
    0.9375,
    0.87,
    0.805,
    0.7375,
    0.67,
    0.6025,
    0.535,
    0.47,
    0.4025,
    0.335,
    0.2675,
    0.2025,
    0.135,
    0.0675,
    0
  ],
  "TaskName": "illusion"
}
